PATH
  remote: .
  specs:
    mpi_client (0.0.16)
      activesupport (>= 2.3.2)
      alovak-network (>= 1.1.2)
      nokogiri (>= 1.3.2)

GEM
  remote: http://rubygems.org/
  specs:
    activesupport (3.2.6)
      i18n (~> 0.6)
      multi_json (~> 1.0)
    alovak-network (1.2.2)
      mocha (>= 0.9.7)
    i18n (0.6.0)
    metaclass (0.0.1)
    mocha (0.12.0)
      metaclass (~> 0.0.1)
    multi_json (1.3.6)
    nokogiri (1.5.5)
    rake (0.9.2.2)
    rspec (1.3.2)

PLATFORMS
  ruby

DEPENDENCIES
  mpi_client!
  rake
  rspec (~> 1.3.0)
