PATH
  remote: .
  specs:
    mpi_client (0.0.17)
      activesupport (>= 2.3.2)
      alovak-network (>= 1.1.2)
      nokogiri (>= 1.3.2)

GEM
  remote: http://rubygems.org/
  specs:
    activesupport (4.1.1)
      i18n (~> 0.6, >= 0.6.9)
      json (~> 1.7, >= 1.7.7)
      minitest (~> 5.1)
      thread_safe (~> 0.1)
      tzinfo (~> 1.1)
    alovak-network (1.2.2)
      mocha (>= 0.9.7)
    i18n (0.6.9)
    json (1.8.1)
    metaclass (0.0.4)
    mini_portile (0.6.0)
    minitest (5.3.5)
    mocha (1.1.0)
      metaclass (~> 0.0.1)
    nokogiri (1.6.2.1)
      mini_portile (= 0.6.0)
    rake (0.9.2.2)
    rspec (1.3.2)
    thread_safe (0.3.4)
    tzinfo (1.2.1)
      thread_safe (~> 0.1)

PLATFORMS
  ruby

DEPENDENCIES
  mpi_client!
  rake
  rspec (~> 1.3.0)
